GEM
  specs:
    activesupport (3.2.18)
      i18n (~> 0.6, >= 0.6.4)
      multi_json (~> 1.0)
    i18n (0.6.11)
    multi_json (1.10.1)
    rack (1.4.5)

PLATFORMS
  ruby

DEPENDENCIES
  activesupport (= 3.2.18)
  rack
